GEM
  remote: http://rubygems.org/
  specs:
    git (1.2.5)
    guard (0.7.0)
      thor (~> 0.14.6)
    guard-minitest (0.4.0)
      guard (~> 0.4)
    jeweler (1.6.4)
      bundler (~> 1.0)
      git (>= 1.2.5)
      rake
    rake (0.9.2)
    rcov (0.9.10)
    rr (1.0.4)
    shoulda (2.11.3)
    tailor (0.1.5)
      term-ansicolor (>= 1.0.5)
    term-ansicolor (1.0.6)
    thor (0.14.6)

PLATFORMS
  ruby

DEPENDENCIES
  bundler (~> 1.0.0)
  guard-minitest
  jeweler (~> 1.6.4)
  rcov
  rr
  shoulda
  tailor (~> 0.1.5)
