GIT
  remote: git://github.com/sergio-fry/tailor.git
  revision: 7f737091752ed8581762a6586547428a52c9e622
  specs:
    tailor (0.1.3.1)
      term-ansicolor (>= 1.0.5)
      term-ansicolor (>= 1.0.5)

GEM
  remote: http://rubygems.org/
  specs:
    git (1.2.5)
    jeweler (1.6.4)
      bundler (~> 1.0)
      git (>= 1.2.5)
      rake
    rake (0.9.2)
    rcov (0.9.10)
    shoulda (2.11.3)
    term-ansicolor (1.0.6)

PLATFORMS
  ruby

DEPENDENCIES
  bundler (~> 1.0.0)
  jeweler (~> 1.6.4)
  rcov
  shoulda
  tailor!
